GIT
  remote: https://github.com/ResearchObject/ro-crate-ruby.git
  revision: a0c924749ec770e2210961256cef193f652c7887
  specs:
    ro-crate-ruby (0.3.0)
      addressable (~> 2.7.0)
      rubyzip (~> 2.0.0)

GEM
  remote: https://rubygems.org/
  specs:
    addressable (2.7.0)
      public_suffix (>= 2.0.2, < 5.0)
    citrus (3.0.2)
    colorize (0.8.1)
    fileutils (1.1.0)
    public_suffix (4.0.6)
    rubyzip (2.0.0)
    toml-rb (2.0.1)
      citrus (~> 3.0, > 3.0)
    yaml (0.1.0)

PLATFORMS
  ruby

DEPENDENCIES
  colorize
  fileutils
  ro-crate-ruby!
  toml-rb
  yaml

BUNDLED WITH
   1.17.3
